GEM
  remote: https://rubygems.org/
  specs:
    date (3.3.3)
    nokogiri (1.15.4-x64-mingw-ucrt)
      racc (~> 1.4)
    open-uri (0.3.0)
      stringio
      time
      uri
    racc (1.7.1)
    stringio (3.0.8)
    time (0.2.2)
      date
    uri (0.12.1)

PLATFORMS
  x64-mingw-ucrt

DEPENDENCIES
  nokogiri
  open-uri

BUNDLED WITH
   2.4.20
